GEM
  remote: https://rubygems.org/
  specs:
    mysql2 (0.3.13)
    sequel (4.3.0)

PLATFORMS
  ruby

DEPENDENCIES
  mysql2
  sequel
