GEM
  remote: https://rubygems.org/
  specs:
    mysql2 (0.3.13)
    rack (1.5.2)
    rack-protection (1.5.0)
      rack
    sequel (4.3.0)
    sinatra (1.4.3)
      rack (~> 1.4)
      rack-protection (~> 1.4)
      tilt (~> 1.3, >= 1.3.4)
    tilt (1.4.1)

PLATFORMS
  ruby

DEPENDENCIES
  mysql2
  sequel
  sinatra
