GEM
  remote: https://rubygems.org/
  specs:
    dotenv (0.9.0)
    minitest (5.0.8)
    mysql2 (0.3.13)
    pbkdf2 (0.1.0)
    rack (1.5.2)
    rack-protection (1.5.0)
      rack
    sequel (4.3.0)
    sinatra (1.4.3)
      rack (~> 1.4)
      rack-protection (~> 1.4)
      tilt (~> 1.3, >= 1.3.4)
    tilt (1.4.1)

PLATFORMS
  ruby

DEPENDENCIES
  dotenv
  minitest
  mysql2
  pbkdf2
  sequel
  sinatra
